PATH
  remote: .
  specs:
    exchanger (0.1.3)
      activesupport (>= 2.2.2)
      nokogiri (>= 1.3.0)
      ruby-ntlm

GEM
  remote: http://rubygems.org/
  specs:
    BlueCloth (1.0.1)
    activesupport (3.1.6)
      multi_json (>= 1.0, < 1.3)
    diff-lcs (1.1.2)
    i18n (0.5.0)
    multi_json (1.2.0)
    nokogiri (1.5.5)
    rake (0.8.7)
    rcov (0.9.9)
    rspec (2.6.0)
      rspec-core (~> 2.6.0)
      rspec-expectations (~> 2.6.0)
      rspec-mocks (~> 2.6.0)
    rspec-core (2.6.4)
    rspec-expectations (2.6.0)
      diff-lcs (~> 1.1.2)
    rspec-mocks (2.6.0)
    ruby-ntlm (0.0.1)
    tzinfo (0.3.33)
    yard (0.6.4)

PLATFORMS
  ruby

DEPENDENCIES
  BlueCloth
  exchanger!
  i18n
  rake
  rcov
  rspec (~> 2.6.0)
  tzinfo
  yard
